PATH
  remote: .
  specs:
    cadenza (0.5.0)

GEM
  remote: http://rubygems.org/
  specs:
    diff-lcs (1.1.2)
    racc (1.4.6)
    rake (0.9.2)
    rspec (2.6.0)
      rspec-core (~> 2.6.0)
      rspec-expectations (~> 2.6.0)
      rspec-mocks (~> 2.6.0)
    rspec-core (2.6.4)
    rspec-expectations (2.6.0)
      diff-lcs (~> 1.1.2)
    rspec-mocks (2.6.0)
    yard (0.7.2)

PLATFORMS
  ruby

DEPENDENCIES
  cadenza!
  racc (~> 1.4.6)
  rake (~> 0.9.2)
  rspec (~> 2.6.0)
  yard
